GEM
  remote: https://rubygems.org/
  specs:
    haml (4.0.6)
      tilt
    sass (3.4.16)
    tilt (2.0.1)

PLATFORMS
  ruby

DEPENDENCIES
  haml (>= 4.0)
  sass (>= 3.4.16)
